GEM
  remote: https://rubygems.org/
  specs:
    mg (0.0.8)
      rake
    mono_logger (1.1.0)
    multi_json (1.8.2)
    rack (1.5.2)
    rack-protection (1.5.1)
      rack
    rake (10.1.0)
    redis (3.0.6)
    redis-namespace (1.3.2)
      redis (~> 3.0.4)
    resque (1.25.1)
      mono_logger (~> 1.0)
      multi_json (~> 1.0)
      redis-namespace (~> 1.2)
      sinatra (>= 0.9.2)
      vegas (~> 0.1.2)
    resque-meta (2.0.1)
      resque (~> 1.8)
    sinatra (1.4.4)
      rack (~> 1.4)
      rack-protection (~> 1.4)
      tilt (~> 1.3, >= 1.3.4)
    test-unit (2.5.5)
    tilt (1.4.1)
    vegas (0.1.11)
      rack (>= 1.0.0)

PLATFORMS
  ruby

DEPENDENCIES
  mg
  rake
  resque
  resque-meta
  test-unit
