GEM
  remote: https://rubygems.org/
  specs:
    mg (0.0.8)
      rake
    rake (10.1.0)
    test-unit (2.5.5)

PLATFORMS
  ruby

DEPENDENCIES
  mg
  rake
  test-unit
